GEM
  remote: https://rubygems.org/
  specs:
    coderay (1.1.3)
    csv (3.1.9)
    json (2.3.1)
    method_source (1.0.0)
    pry (0.13.1)
      coderay (~> 1.1)
      method_source (~> 1.0)

PLATFORMS
  ruby

DEPENDENCIES
  csv
  json
  pry

BUNDLED WITH
   2.1.4
